PATH
  remote: .
  specs:
    origen (0.12.0)
      activesupport (~> 4.1)
      bundler (~> 1.7)
      coderay (~> 1.1)
      colored (~> 1.2)
      dentaku (~> 2)
      geminabox (= 0.12.4)
      gems (~> 0.8)
      highline (~> 1.7)
      httparty (~> 0.13)
      kramdown (~> 1.5)
      log4r (~> 1.1.10, ~> 1.1)
      nanoc (~> 3.7)
      net-ldap (~> 0.13)
      nokogiri (= 1.7.2)
      pry (~> 0.10)
      rake (~> 10)
      rspec (~> 3)
      rspec-legacy_formatters (~> 1)
      rubocop (= 0.30)
      scrub_rb (~> 1.0)
      simplecov (~> 0.9)
      sinatra (~> 1)
      thor (~> 0.19)
      yard (~> 0.8)

GEM
  remote: http://rubygems.org/
  specs:
    activesupport (4.2.8)
      i18n (~> 0.7)
      minitest (~> 5.1)
      thread_safe (~> 0.3, >= 0.3.4)
      tzinfo (~> 1.1)
    ast (2.3.0)
    astrolabe (1.3.1)
      parser (~> 2.2)
    atp (0.5.4)
      ast (~> 2)
      origen (>= 0.2.3)
      sexpistol (~> 0.0)
    builder (3.2.3)
    byebug (9.0.6)
    coderay (1.1.1)
    colored (1.2)
    coveralls (0.8.21)
      json (>= 1.8, < 3)
      simplecov (~> 0.14.1)
      term-ansicolor (~> 1.3)
      thor (~> 0.19.4)
      tins (~> 1.6)
    cri (2.8.0)
      colored (~> 1.2)
    dentaku (2.0.10)
    diff-lcs (1.3)
    docile (1.1.5)
    faraday (0.12.1)
      multipart-post (>= 1.2, < 3)
    geminabox (0.12.4)
      builder
      faraday
      httpclient (>= 2.2.7)
      nesty
      sinatra (>= 1.2.7)
    gems (0.8.3)
    highline (1.7.8)
    httparty (0.15.5)
      multi_xml (>= 0.5.2)
    httpclient (2.8.3)
    i18n (0.8.1)
    json (2.1.0)
    kramdown (1.13.2)
    loco (0.0.6)
    log4r (1.1.10)
    method_source (0.8.2)
    mini_portile2 (2.1.0)
    minitest (5.10.2)
    multi_xml (0.6.0)
    multipart-post (2.0.0)
    nanoc (3.8.0)
      cri (~> 2.3)
    nesty (1.0.2)
    net-ldap (0.16.0)
    nokogiri (1.7.2)
      mini_portile2 (~> 2.1.0)
    nokogiri (1.7.2-x64-mingw32)
      mini_portile2 (~> 2.1.0)
    origen_core_support (0.2.3)
      origen (>= 0.2.6)
    origen_debuggers (0.5.2)
      origen (>= 0.2.6)
      origen_testers (>= 0.5.0)
    origen_doc_helpers (0.4.4)
      origen (>= 0.7.15)
    origen_testers (0.9.6)
      atp (~> 0.5.4)
      origen (>= 0.7.40)
      require_all (~> 1)
    origen_updater (0.5.0)
      origen
    parser (2.4.0.0)
      ast (~> 2.2)
    powerpack (0.1.1)
    pry (0.10.4)
      coderay (~> 1.1.0)
      method_source (~> 0.8.1)
      slop (~> 3.4)
    rack (1.6.8)
    rack-protection (1.5.3)
      rack
    rainbow (2.2.2)
      rake
    rake (10.5.0)
    require_all (1.4.0)
    ripper-tags (0.3.4)
    rspec (3.6.0)
      rspec-core (~> 3.6.0)
      rspec-expectations (~> 3.6.0)
      rspec-mocks (~> 3.6.0)
    rspec-core (3.6.0)
      rspec-support (~> 3.6.0)
    rspec-expectations (3.6.0)
      diff-lcs (>= 1.2.0, < 2.0)
      rspec-support (~> 3.6.0)
    rspec-legacy_formatters (1.0.1)
      rspec (~> 3.0)
    rspec-mocks (3.6.0)
      diff-lcs (>= 1.2.0, < 2.0)
      rspec-support (~> 3.6.0)
    rspec-support (3.6.0)
    rubocop (0.30.0)
      astrolabe (~> 1.3)
      parser (>= 2.2.0.1, < 3.0)
      powerpack (~> 0.1)
      rainbow (>= 1.99.1, < 3.0)
      ruby-progressbar (~> 1.4)
    ruby-progressbar (1.8.1)
    scrub_rb (1.0.1)
    sexpistol (0.0.7)
    simplecov (0.14.1)
      docile (~> 1.1.0)
      json (>= 1.8, < 3)
      simplecov-html (~> 0.10.0)
    simplecov-html (0.10.1)
    sinatra (1.4.8)
      rack (~> 1.5)
      rack-protection (~> 1.4)
      tilt (>= 1.3, < 3)
    slop (3.6.0)
    term-ansicolor (1.6.0)
      tins (~> 1.0)
    thor (0.19.4)
    thread_safe (0.3.6)
    tilt (2.0.7)
    tins (1.14.0)
    tzinfo (1.2.3)
      thread_safe (~> 0.1)
    yard (0.9.9)

PLATFORMS
  ruby
  x64-mingw32

DEPENDENCIES
  byebug
  coveralls
  loco
  origen!
  origen_core_support (= 0.2.3)
  origen_debuggers (~> 0)
  origen_doc_helpers (>= 0.2.0)
  origen_testers (~> 0.7)
  origen_updater
  ripper-tags

BUNDLED WITH
   1.14.6
