GIT
  remote: https://github.com/Origen-SDK/origen_app_generators.git
  revision: 5e2dc47fd20a8b2c625e5044def2c66804ca95b0
  specs:
    origen_app_generators (2.1.1)
      origen (>= 0.40.2)

GIT
  remote: https://github.com/Origen-SDK/origen_core_support.git
  revision: c300af1ad9aedea3ac75368d3f134eaafc3a09ec
  specs:
    origen_core_support (0.2.3)
      origen (>= 0.2.6)
      origen_testers

GIT
  remote: https://github.com/Origen-SDK/origen_sim.git
  revision: a3fb3e32bad2873a8234d1517f604c21f30fa31d
  specs:
    origen_sim (0.20.7)
      origen (>= 0.44.0)
      origen_testers (>= 0.21.0)
      origen_verilog (>= 0.6.2)

GIT
  remote: https://github.com/Origen-SDK/origen_testers.git
  revision: fb4bb4db4ba0e17921536f51dc77c4659c7c8795
  specs:
    origen_testers (0.45.4)
      ast (~> 2)
      atp (~> 1.1, >= 1.1.3)
      origen (>= 0.44.0)
      origen_stil (>= 0.2.1)
      require_all (~> 1)
      rodf (~> 1)
      sexpistol (~> 0.0)

PATH
  remote: .
  specs:
    origen (0.57.2)
      activesupport (~> 4.1)
      bigdecimal (= 1.3.5)
      bundler (> 1.7)
      coderay (~> 1.1)
      colored (~> 1.2)
      colorize (~> 0.8.1)
      concurrent-ruby
      cri (~> 2.10.0)
      dentaku (~> 2)
      gems (~> 0.8)
      highline (~> 1.7)
      httparty (~> 0.13)
      kramdown (~> 1.5)
      nanoc (~> 3.7.0)
      net-ldap (~> 0.13)
      nokogiri (>= 1.7.2)
      pry (~> 0.10)
      rake (~> 10)
      rspec (~> 3)
      rspec-legacy_formatters (~> 1)
      rubocop (= 0.30)
      scrub_rb (~> 1.0)
      simplecov (~> 0.17)
      simplecov-html (~> 0.10)
      thor (~> 0.19)
      yard (~> 0.8)

GEM
  remote: https://rubygems.org/
  specs:
    activesupport (4.2.11.3)
      i18n (~> 0.7)
      minitest (~> 5.1)
      thread_safe (~> 0.3, >= 0.3.4)
      tzinfo (~> 1.1)
    ast (2.4.0)
    astrolabe (1.3.1)
      parser (~> 2.2)
    atp (1.1.3)
      ast (~> 2)
      origen (>= 0.2.3)
      sexpistol (~> 0.0)
    bigdecimal (1.3.5)
    builder (3.2.4)
    byebug (10.0.2)
    coderay (1.1.3)
    colored (1.2)
    colorize (0.8.1)
    concurrent-ruby (1.1.7)
    coveralls (0.7.1)
      multi_json (~> 1.3)
      rest-client
      simplecov (>= 0.7)
      term-ansicolor
      thor
    cri (2.10.1)
      colored (~> 1.2)
    dentaku (2.0.11)
    diff-lcs (1.4.4)
    docile (1.3.2)
    domain_name (0.5.20190701)
      unf (>= 0.0.5, < 1.0.0)
    dry-inflector (0.2.0)
    gems (0.8.3)
    highline (1.7.10)
    http-accept (1.7.0)
    http-cookie (1.0.3)
      domain_name (~> 0.5)
    httparty (0.18.1)
      mime-types (~> 3.0)
      multi_xml (>= 0.5.2)
    i18n (0.9.5)
      concurrent-ruby (~> 1.0)
    kramdown (1.17.0)
    loco (0.0.7)
    method_source (1.0.0)
    mime-types (3.3.1)
      mime-types-data (~> 3.2015)
    mime-types-data (3.2019.1009)
    mini_portile2 (2.3.0)
    minitest (5.14.2)
    multi_json (1.14.1)
    multi_xml (0.6.0)
    nanoc (3.7.5)
      cri (~> 2.3)
    net-ldap (0.16.3)
    netrc (0.11.0)
    nokogiri (1.8.5)
      mini_portile2 (~> 2.3.0)
    origen_debuggers (0.6.1)
      origen (>= 0.2.6)
      origen_testers (>= 0.5.0)
    origen_doc_helpers (0.8.2)
      origen (>= 0.7.15)
    origen_jtag (0.22.1)
      origen (~> 0.7, >= 0.7.35)
      origen_testers (>= 0.13.2)
    origen_stil (0.3.0)
      ast (~> 2)
      origen (>= 0.33.3)
      treetop
    origen_verilog (0.6.3)
      ast (~> 2)
      origen (>= 0.41.0)
      treetop
    parser (2.7.1.3)
      ast (~> 2.4.0)
    polyglot (0.3.5)
    powerpack (0.1.2)
    pry (0.13.1)
      coderay (~> 1.1)
      method_source (~> 1.0)
    rainbow (2.2.2)
      rake
    rake (10.5.0)
    require_all (1.5.0)
    rest-client (2.1.0)
      http-accept (>= 1.7.0, < 2.0)
      http-cookie (>= 1.0.2, < 2.0)
      mime-types (>= 1.16, < 4.0)
      netrc (~> 0.8)
    ripper-tags (0.9.0)
    rodf (1.1.1)
      builder (>= 3.0)
      dry-inflector (~> 0.1)
      rubyzip (>= 1.0)
    rspec (3.9.0)
      rspec-core (~> 3.9.0)
      rspec-expectations (~> 3.9.0)
      rspec-mocks (~> 3.9.0)
    rspec-core (3.9.2)
      rspec-support (~> 3.9.3)
    rspec-expectations (3.9.2)
      diff-lcs (>= 1.2.0, < 2.0)
      rspec-support (~> 3.9.0)
    rspec-legacy_formatters (1.0.2)
      rspec (~> 3.0)
    rspec-mocks (3.9.1)
      diff-lcs (>= 1.2.0, < 2.0)
      rspec-support (~> 3.9.0)
    rspec-support (3.9.3)
    rubocop (0.30.0)
      astrolabe (~> 1.3)
      parser (>= 2.2.0.1, < 3.0)
      powerpack (~> 0.1)
      rainbow (>= 1.99.1, < 3.0)
      ruby-progressbar (~> 1.4)
    ruby-progressbar (1.10.1)
    rubyzip (2.3.0)
    scrub_rb (1.0.1)
    sexpistol (0.0.7)
    simplecov (0.18.5)
      docile (~> 1.1)
      simplecov-html (~> 0.11)
    simplecov-html (0.12.2)
    sync (0.5.0)
    term-ansicolor (1.7.1)
      tins (~> 1.0)
    thor (0.20.3)
    thread_safe (0.3.6)
    tins (1.24.1)
      sync
    treetop (1.6.10)
      polyglot (~> 0.3)
    tzinfo (1.2.7)
      thread_safe (~> 0.1)
    unf (0.1.4)
      unf_ext
    unf_ext (0.0.7.7)
    yard (0.9.25)

PLATFORMS
  ruby

DEPENDENCIES
  byebug (~> 10)
  coveralls
  loco
  nokogiri (= 1.8.5)
  origen!
  origen_app_generators!
  origen_core_support!
  origen_debuggers (~> 0)
  origen_doc_helpers
  origen_jtag
  origen_sim!
  origen_testers!
  ripper-tags

BUNDLED WITH
   2.1.2
